GEM
  remote: https://rubygems.org/
  specs:
    bubble-wrap (1.5.0)
    rake (10.2.2)
    teacup (2.1.13)

PLATFORMS
  ruby

DEPENDENCIES
  bubble-wrap
  rake
  teacup
