GEM
  remote: https://rubygems.org/
  specs:
    ProMotion (1.1.2)
      methadone
    bubble-wrap (1.5.0)
    formotion (1.3.1)
      bubble-wrap (>= 1.1.4)
      motion-require (~> 0.0.3)
    methadone (1.3.2)
      bundler
    motion-require (0.0.7)
    rake (10.2.2)

PLATFORMS
  ruby

DEPENDENCIES
  ProMotion
  bubble-wrap (~> 1.5.0)
  formotion
  rake
